GEM
  remote: https://rubygems.or